GEM
  remote: http://rubygems.org/
  specs:
    activesupport (3.1.0)
      multi_json (~> 1.0)
    crack (0.1.8)
    git (1.2.5)
    hash-to-ostruct (0.0.1)
    httparty (0.7.8)
      crack (= 0.1.8)
    i18n (0.6.0)
    jeweler (1.6.4)
      bundler (~> 1.0)
      git (>= 1.2.5)
      rake
    json (1.6.1)
    json_pure (1.6.0)
    multi_json (1.0.3)
    rake (0.9.2)
    rcov (0.9.9)
    rdoc (3.9.4)
    shoulda (2.11.3)
    wow_community_api (0.2.1)
      activesupport
      hash-to-ostruct
      httparty
      i18n
    yajl-ruby (0.8.2)

PLATFORMS
  ruby

DEPENDENCIES
  bundler (~> 1.0.0)
  httparty
  jeweler (~> 1.6.4)
  json
  json_pure
  multi_json
  rcov
  rdoc
  shoulda
  wow_community_api
  yajl-ruby
